GIT
  remote: https://github.com/sunekaae/thingiverse-ruby.git
  revision: 7d9a5e6052def9494e93ad1e7f9a95d57abbadd2
  branch: feature/upload-from-string
  specs:
    thingiverse (0.0.5)
      activemodel
      curb
      httparty
      json

GEM
  remote: https://rubygems.org/
  specs:
    activemodel (3.2.13)
      activesupport (= 3.2.13)
      builder (~> 3.0.0)
    activesupport (3.2.13)
      i18n (= 0.6.1)
      multi_json (~> 1.0)
    alchemist (0.1.3)
    api_cache (0.2.3)
    builder (3.0.4)
    curb (0.8.3)
    daemons (1.1.9)
    eventmachine (1.0.3)
    haml (4.0.2)
      tilt
    httparty (0.10.2)
      multi_json (~> 1.0)
      multi_xml (>= 0.5.2)
    httparty_sober (0.2.1)
      api_cache (>= 0.2.0)
      httparty
    i18n (0.6.1)
    json (1.7.7)
    mime-types (1.22)
    multi_json (1.7.2)
    multi_xml (0.5.3)
    nike_v2 (0.3.7)
      alchemist (= 0.1.3)
      httparty (= 0.10.2)
      httparty_sober (= 0.2.1)
      tzinfo (= 0.3.36)
    rack (1.5.2)
    rack-protection (1.5.0)
      rack
    rake (10.0.4)
    redis (3.0.3)
    redis-namespace (1.2.1)
      redis (~> 3.0.0)
    resque (1.22.0)
      multi_json (~> 1.0)
      redis-namespace (~> 1.0)
      sinatra (>= 0.9.2)
      vegas (~> 0.1.2)
    resque-status (0.4.1)
      resque (~> 1.19)
    rest-client (1.6.7)
      mime-types (>= 1.16)
    sinatra (1.4.2)
      rack (~> 1.5, >= 1.5.2)
      rack-protection (~> 1.4)
      tilt (~> 1.3, >= 1.3.4)
    sinatra-initializers (0.1.4)
    sinatra-redis (0.3.0)
      redis
      sinatra (>= 0.9.4)
    thin (1.5.1)
      daemons (>= 1.0.9)
      eventmachine (>= 0.12.6)
      rack (>= 1.0.0)
    tilt (1.3.6)
    tzinfo (0.3.36)
    vegas (0.1.11)
      rack (>= 1.0.0)

PLATFORMS
  ruby

DEPENDENCIES
  haml
  json
  nike_v2
  rake
  resque (~> 1.22.0)
  resque-status
  rest-client
  sinatra
  sinatra-initializers
  sinatra-redis
  thin
  thingiverse!
